PATH
  remote: .
  specs:
    trilogy (2.4.1)

GEM
  remote: https://rubygems.org/
  specs:
    benchmark-ips (2.7.2)
    debug (1.8.0)
      irb (>= 1.5.0)
      reline (>= 0.3.1)
    io-console (0.6.0)
    irb (1.7.4)
      reline (>= 0.3.6)
    minitest (5.11.3)
    mysql2 (0.5.5)
    rake (13.0.1)
    rake-compiler (1.0.7)
      rake
    reline (0.3.7)
      io-console (~> 0.5)

PLATFORMS
  ruby

DEPENDENCIES
  benchmark-ips
  debug (~> 1.8)
  minitest (~> 5.5)
  mysql2
  rake-compiler (~> 1.0)
  trilogy!

BUNDLED WITH
   2.4.16
